GEM
  remote: https://rubygems.org/
  specs:
    httparty (0.21.0)
      mini_mime (>= 1.0.0)
      multi_xml (>= 0.5.2)
    json (2.7.1)
    mini_mime (1.1.5)
    mini_portile2 (2.8.5)
    multi_xml (0.6.0)
    nokogiri (1.16.0)
      mini_portile2 (~> 2.8.2)
      racc (~> 1.4)
    racc (1.7.3)
    reverse_markdown (2.1.1)
      nokogiri

PLATFORMS
  ruby

DEPENDENCIES
  httparty
  json
  reverse_markdown

BUNDLED WITH
   2.5.4
